RESTRICTION: || (== net461) (== net471)
NUGET
  remote: https://api.nuget.org/v3/index.json
    FSharp.Core (4.2.3)
    HtmlAgilityPack (1.6.17)
    Microsoft.CodeAnalysis.Analyzers (1.0)
    Microsoft.CodeAnalysis.Common (1.0)
      Microsoft.CodeAnalysis.Analyzers (1.0)
      System.Collections.Immutable (>= 1.1.36)
      System.Reflection.Metadata (>= 1.0.21)
    Microsoft.CodeAnalysis.CSharp (1.0)
      Microsoft.CodeAnalysis.Common (1.0)
    System.Buffers (4.5)
    System.Collections.Immutable (1.7)
      System.Memory (>= 4.5.3)
    System.Memory (4.5.3)
      System.Buffers (>= 4.4)
      System.Numerics.Vectors (>= 4.4)
      System.Runtime.CompilerServices.Unsafe (>= 4.5.2)
    System.Numerics.Vectors (4.5)
    System.Reflection.Metadata (1.8)
      System.Collections.Immutable (>= 1.7)
    System.Runtime.CompilerServices.Unsafe (4.7)
    System.ValueTuple (4.3)
  remote: https://daily.websharper.com/nuget
    WebSharper (4.6.0.355)
      FSharp.Core (>= 4.2.3)
    WebSharper.CSharp (4.6.0.355)
      WebSharper (4.6.0.355)
    WebSharper.FSharp (4.6.0.355)
      WebSharper (4.6.0.355)
    WebSharper.Testing (4.6.0.355)
      WebSharper (4.6.0.355)
GITHUB
  remote: fsprojects/FSharp.TypeProviders.SDK
    src/ProvidedTypes.fs (b8727a47dd83d3e88aed8f2100f6712478c64632)
    src/ProvidedTypes.fsi (b8727a47dd83d3e88aed8f2100f6712478c64632)
GROUP build
RESTRICTION: == net45
NUGET
  remote: https://api.nuget.org/v3/index.json
    Chessie (0.6)
      FSharp.Core
    FAKE (5.3)
    FSharp.Compiler.Tools (10.0.2)
    FSharp.Core (4.5.2)
    Mono.Cecil (0.10)
    Newtonsoft.Json (11.0.2)
    Paket.Core (5.173.1)
      Chessie (>= 0.6)
      FSharp.Compiler.Tools
      FSharp.Core
      Mono.Cecil (>= 0.10.0-beta6)
      Newtonsoft.Json

GROUP wsbuild

GIT
  remote: https://github.com/dotnet-websharper/build-script
     (ba0f9d10f68ae96f0784f07548863a3c0bb1ee6f)